NUGET
  remote: https://nuget.org/api/v2
  specs:
    AWSSDK (2.3.40.0)
      Microsoft.Net.Http (>= 2.1.10) - framework: wpv8.0
    FSharp.Configuration (0.5.1)
    FsPickler (1.0.16) - framework: >= net45
    fszmq (4.0.8) - framework: >= net45
    log4net (2.0.3)
    Microsoft.Bcl (1.1.10)
      Microsoft.Bcl.Build (>= 1.0.14)
    Microsoft.Bcl.Build (1.0.21)
    Microsoft.Net.Http (2.2.29)
      Microsoft.Bcl (>= 1.1.10)
      Microsoft.Bcl.Build (>= 1.0.14)
